GEM
  remote: https://rubygems.org/
  specs:
    developwithpassion_arrays (0.0.1)
    developwithpassion_fakes (0.1.1)
      developwithpassion_arrays
    diff-lcs (1.1.3)
    rspec (2.11.0)
      rspec-core (~> 2.11.0)
      rspec-expectations (~> 2.11.0)
      rspec-mocks (~> 2.11.0)
    rspec-core (2.11.1)
    rspec-expectations (2.11.2)
      diff-lcs (~> 1.1.3)
    rspec-fakes (0.0.9)
      developwithpassion_fakes
      rspec
    rspec-mocks (2.11.1)

PLATFORMS
  ruby

DEPENDENCIES
  rspec
  rspec-fakes
