GEM
  remote: https://rubygems.org/
  specs:
    builder (3.1.4)
    cucumber (1.2.1)
      builder (>= 2.1.2)
      diff-lcs (>= 1.1.3)
      gherkin (~> 2.11.0)
      json (>= 1.4.6)
    developwithpassion_arrays (0.0.1)
    developwithpassion_fakes (0.1.1)
      developwithpassion_arrays
    diff-lcs (1.1.3)
    gherkin (2.11.5)
      json (>= 1.4.6)
    json (1.7.5)
    multi_json (1.3.6)
    rake (0.9.2.2)
    rspec (2.11.0)
      rspec-core (~> 2.11.0)
      rspec-expectations (~> 2.11.0)
      rspec-mocks (~> 2.11.0)
    rspec-core (2.11.1)
    rspec-expectations (2.11.3)
      diff-lcs (~> 1.1.3)
    rspec-fakes (0.0.9)
      developwithpassion_fakes
      rspec
    rspec-mocks (2.11.3)
    simplecov (0.7.1)
      multi_json (~> 1.0)
      simplecov-html (~> 0.7.1)
    simplecov-html (0.7.1)

PLATFORMS
  ruby

DEPENDENCIES
  cucumber
  rake
  rspec
  rspec-fakes
  simplecov
